GEM
  remote: https://rubygems.org/
  specs:
    arethusa-client (0.1.17)
      nokogiri
      thor
    bundler-audit (0.6.1)
      bundler (>= 1.2.0, < 3)
      thor (~> 0.18)
    mini_portile2 (2.8.1)
    nokogiri (1.13.10)
      mini_portile2 (~> 2.8.0)
      racc (~> 1.4)
    racc (1.6.2)
    rake (13.0.0)
    thor (0.20.3)

PLATFORMS
  ruby

DEPENDENCIES
  arethusa-client
  bundler-audit
  nokogiri
  rake

RUBY VERSION
   ruby 2.6.0p0

BUNDLED WITH
   2.0.2
